PATH
  remote: .
  specs:
    graticule (2.2.0)
      activesupport
      happymapper (>= 0.3.0)
      i18n
      json

GEM
  remote: http://rubygems.org/
  specs:
    activesupport (3.2.9)
      i18n (~> 0.6)
      multi_json (~> 1.0)
    happymapper (0.4.0)
      libxml-ruby (~> 2.0)
    i18n (0.6.1)
    json (1.7.5)
    libxml-ruby (2.3.3)
    mocha (0.9.8)
      rake
    multi_json (1.3.7)
    rake (0.8.7)
    rcov (0.9.9)

PLATFORMS
  ruby

DEPENDENCIES
  graticule!
  mocha
  rcov
