PATH
  remote: .
  specs:
    graticule (2.3.0)
      activesupport
      happymapper (>= 0.3.0)
      htmlentities
      i18n
      json

GEM
  remote: https://rubygems.org/
  specs:
    activesupport (3.2.12)
      i18n (~> 0.6)
      multi_json (~> 1.0)
    happymapper (0.4.0)
      libxml-ruby (~> 2.0)
    htmlentities (4.3.1)
    i18n (0.6.4)
    json (1.7.7)
    libxml-ruby (2.6.0)
    mocha (0.9.8)
      rake
    multi_json (1.7.2)
    rake (0.8.7)

PLATFORMS
  ruby

DEPENDENCIES
  bundler (~> 1.0)
  graticule!
  mocha
