PATH
  remote: .
  specs:
    graticule (2.0.0)
      activesupport
      happymapper (>= 0.3.0)
      i18n
      json

GEM
  remote: http://rubygems.org/
  specs:
    activesupport (3.0.0)
    happymapper (0.3.2)
      libxml-ruby (~> 1.1.3)
    i18n (0.4.1)
    json (1.4.6)
    libxml-ruby (1.1.4)
    mocha (0.9.8)
      rake
    rake (0.8.7)
    rcov (0.9.9)

PLATFORMS
  ruby

DEPENDENCIES
  activesupport
  graticule!
  happymapper (>= 0.3.0)
  i18n
  json
  mocha
  rcov
