PATH
  remote: .
  specs:
    graticule (2.0.0.pre1)
      activesupport (~> 2.0.0)
      happymapper (>= 0.3.0)

GEM
  remote: http://rubygems.org/
  specs:
    activesupport (2.0.2)
    happymapper (0.3.2)
      libxml-ruby (~> 1.1.3)
    libxml-ruby (1.1.4)
    mocha (0.9.8)
      rake
    rake (0.8.7)
    rcov (0.9.8)

PLATFORMS
  ruby

DEPENDENCIES
  activesupport (~> 2.0.0)
  graticule!
  happymapper (>= 0.3.0)
  mocha
  rcov
