PATH
  remote: .
  specs:
    graticule (2.3.0)
      activesupport
      happymapper (>= 0.3.0)
      i18n
      json

GEM
  remote: https://rubygems.org/
  specs:
    activesupport (4.0.0)
      i18n (~> 0.6, >= 0.6.4)
      minitest (~> 4.2)
      multi_json (~> 1.3)
      thread_safe (~> 0.1)
      tzinfo (~> 0.3.37)
    atomic (1.1.14)
    happymapper (0.4.0)
      libxml-ruby (~> 2.0)
    i18n (0.6.5)
    json (1.8.0)
    libxml-ruby (2.7.0)
    metaclass (0.0.1)
    minitest (4.7.5)
    mocha (0.14.0)
      metaclass (~> 0.0.1)
    multi_json (1.8.0)
    rake (10.1.0)
    rdoc (4.0.1)
      json (~> 1.4)
    thread_safe (0.1.3)
      atomic
    tzinfo (0.3.37)

PLATFORMS
  ruby

DEPENDENCIES
  bundler (~> 1.0)
  graticule!
  mocha
  rake (>= 0.9.2)
  rdoc (>= 2.4.2)
